PATH
  remote: .
  specs:
    flexirails (0.0.1)
      url_plumber

GEM
  remote: https://rubygems.org/
  specs:
    activesupport (4.0.1)
      i18n (~> 0.6, >= 0.6.4)
      minitest (~> 4.2)
      multi_json (~> 1.3)
      thread_safe (~> 0.1)
      tzinfo (~> 0.3.37)
    atomic (1.1.14)
    i18n (0.6.5)
    minitest (4.7.5)
    multi_json (1.8.2)
    thread_safe (0.1.3)
      atomic
    tzinfo (0.3.38)
    url_plumber (0.1.2)
      activesupport (>= 3.0.0)

PLATFORMS
  ruby

DEPENDENCIES
  flexirails!
